PATH
  remote: .
  specs:
    inkblot (0.1.0)
      imgkit
      mini_magick
      pdfkit
      wkhtmltopdf-binary

GEM
  remote: https://rubygems.org/
  specs:
    awesome_print (1.8.0)
    coderay (1.1.2)
    diff-lcs (1.3)
    hirb (0.7.3)
    imgkit (1.6.2)
    method_source (0.9.2)
    mini_magick (4.10.1)
    pdfkit (0.8.4.1)
    pry (0.12.2)
      coderay (~> 1.1.0)
      method_source (~> 0.9.0)
    rake (12.3.3)
    rspec (3.9.0)
      rspec-core (~> 3.9.0)
      rspec-expectations (~> 3.9.0)
      rspec-mocks (~> 3.9.0)
    rspec-core (3.9.1)
      rspec-support (~> 3.9.1)
    rspec-expectations (3.9.0)
      diff-lcs (>= 1.2.0, < 2.0)
      rspec-support (~> 3.9.0)
    rspec-mocks (3.9.1)
      diff-lcs (>= 1.2.0, < 2.0)
      rspec-support (~> 3.9.0)
    rspec-support (3.9.2)
    wkhtmltopdf-binary (0.12.5.4)

PLATFORMS
  ruby

DEPENDENCIES
  awesome_print
  hirb
  inkblot!
  pry
  rake (~> 12.0)
  rspec (~> 3.0)

BUNDLED WITH
   2.1.4
