PATH
  remote: .
  specs:
    inkblot (0.1.0)
      imgkit (~> 1.6.2)
      mini_magick (~> 4.10.1)
      pdfkit (~> 0.8.4.1)

GEM
  remote: https://rubygems.org/
  specs:
    awesome_print (1.8.0)
    backports (3.17.0)
    builder (3.2.4)
    coderay (1.1.2)
    cucumber (3.1.2)
      builder (>= 2.1.2)
      cucumber-core (~> 3.2.0)
      cucumber-expressions (~> 6.0.1)
      cucumber-wire (~> 0.0.1)
      diff-lcs (~> 1.3)
      gherkin (~> 5.1.0)
      multi_json (>= 1.7.5, < 2.0)
      multi_test (>= 0.1.2)
    cucumber-core (3.2.1)
      backports (>= 3.8.0)
      cucumber-tag_expressions (~> 1.1.0)
      gherkin (~> 5.0)
    cucumber-expressions (6.0.1)
    cucumber-tag_expressions (1.1.1)
    cucumber-wire (0.0.1)
    diff-lcs (1.3)
    docile (1.3.2)
    gherkin (5.1.0)
    git (1.5.0)
    hirb (0.7.3)
    imgkit (1.6.2)
    method_source (0.9.2)
    mini_magick (4.10.1)
    multi_json (1.14.1)
    multi_test (0.1.2)
    pdfkit (0.8.4.2)
    pry (0.12.2)
      coderay (~> 1.1.0)
      method_source (~> 0.9.0)
    rake (12.3.3)
    rspec (3.9.0)
      rspec-core (~> 3.9.0)
      rspec-expectations (~> 3.9.0)
      rspec-mocks (~> 3.9.0)
    rspec-core (3.9.1)
      rspec-support (~> 3.9.1)
    rspec-expectations (3.9.0)
      diff-lcs (>= 1.2.0, < 2.0)
      rspec-support (~> 3.9.0)
    rspec-mocks (3.9.1)
      diff-lcs (>= 1.2.0, < 2.0)
      rspec-support (~> 3.9.0)
    rspec-support (3.9.2)
    simplecov (0.18.5)
      docile (~> 1.1)
      simplecov-html (~> 0.11)
    simplecov-html (0.12.2)

PLATFORMS
  ruby

DEPENDENCIES
  awesome_print (~> 1.8.0)
  cucumber (~> 3.1.2)
  git (~> 1.5.0)
  hirb (~> 0.7.3)
  inkblot!
  pry (~> 0.12.2)
  rake (~> 12.0)
  rspec (~> 3.0)
  simplecov (~> 0.18.5)

BUNDLED WITH
   2.1.4
